GIT
  remote: git://github.com/foreverman/dhaka.git
  revision: 5d6c1e81bd724a883fc570efd80bfcb95b163307
  specs:
    foreverman-dhaka (0.0.0)

GEM
  remote: http://rubygems.org/
  specs:
    activemodel (3.0.3)
      activesupport (= 3.0.3)
      builder (~> 2.1.2)
      i18n (~> 0.4)
    activerecord (3.0.3)
      activemodel (= 3.0.3)
      activesupport (= 3.0.3)
      arel (~> 2.0.2)
      tzinfo (~> 0.3.23)
    activesupport (3.0.3)
    arel (2.0.6)
    backports (1.18.2)
    builder (2.1.2)
    database_cleaner (0.6.0)
    diff-lcs (1.1.2)
    haml (3.0.25)
    i18n (0.5.0)
    machinist (2.0.0.beta2)
    monkey-lib (0.5.4)
      backports
    nokogiri (1.4.4)
    rack (1.2.1)
    rack-test (0.5.7)
      rack (>= 1.0)
    right_aws (2.0.0)
      right_http_connection (>= 1.2.1)
    right_http_connection (1.2.4)
    rspec (2.4.0)
      rspec-core (~> 2.4.0)
      rspec-expectations (~> 2.4.0)
      rspec-mocks (~> 2.4.0)
    rspec-core (2.4.0)
    rspec-expectations (2.4.0)
      diff-lcs (~> 1.1.2)
    rspec-mocks (2.4.0)
    sinatra (1.1.2)
      rack (~> 1.1)
      tilt (~> 1.2)
    sinatra-advanced-routes (0.5.1)
      monkey-lib (~> 0.5.0)
      sinatra (~> 1.0)
      sinatra-sugar (~> 0.5.0)
    sinatra-flash (0.3.0)
      sinatra (>= 1.0.0)
    sinatra-reloader (0.5.0)
      sinatra (~> 1.0)
      sinatra-advanced-routes (~> 0.5.0)
    sinatra-sugar (0.5.0)
      monkey-lib (~> 0.5.0)
      sinatra (~> 1.0)
    spork (0.8.4)
    sqlite3-ruby (1.3.2)
    tilt (1.2.1)
    tzinfo (0.3.23)
    uuidtools (2.1.1)

PLATFORMS
  ruby

DEPENDENCIES
  activerecord (>= 3.0.0)
  builder
  database_cleaner
  foreverman-dhaka!
  haml
  machinist (>= 2.0.0.beta2)
  nokogiri
  rack-test
  right_aws
  rspec
  sinatra
  sinatra-flash
  sinatra-reloader
  spork
  sqlite3-ruby
  uuidtools
